GEM
  remote: https://rubygems.org/
  specs:
    ansi (1.5.0)
    builder (3.2.3)
    minitest (5.11.3)
    minitest-reporters (1.3.6)
      ansi
      builder
      minitest (>= 5.0)
      ruby-progressbar
    optimist (3.0.0)
    paru (0.3.2.1)
    ruby-progressbar (1.10.0)
    yard (0.9.20)

PLATFORMS
  ruby

DEPENDENCIES
  minitest-reporters (~> 1.3)
  optimist (~> 3.0)
  paru (~> 0.3.2.1)
  yard (~> 0.9.20)

BUNDLED WITH
   2.0.1
